GEM
  remote: https://rubygems.org/
  specs:
    byebug (10.0.1)
    json (2.1.0)
    mustermann (1.0.2)
    rack (2.0.4)
    rack-protection (2.0.1)
      rack
    sequel (5.6.0)
    sinatra (2.0.1)
      mustermann (~> 1.0)
      rack (~> 2.0)
      rack-protection (= 2.0.1)
      tilt (~> 2.0)
    sinatra-cross_origin (0.3.2)
    sqlite3 (1.3.13)
    tilt (2.0.8)

PLATFORMS
  ruby

DEPENDENCIES
  byebug
  json
  sequel
  sinatra
  sinatra-cross_origin (~> 0.3.1)
  sqlite3

BUNDLED WITH
   1.16.1
